PATH
  remote: .
  specs:
    toft (0.0.8)
      net-ssh

GEM
  remote: http://rubygems.org/
  specs:
    archive-tar-minitar (0.5.2)
    builder (3.0.0)
    cucumber (1.1.0)
      builder (>= 2.1.2)
      diff-lcs (>= 1.1.2)
      gherkin (~> 2.5.0)
      json (>= 1.4.6)
      term-ansicolor (>= 1.0.6)
    diff-lcs (1.1.3)
    erubis (2.7.0)
    ffi (1.0.9)
    fpm (0.3.10)
      json
    gherkin (2.5.1)
      json (>= 1.4.6)
    i18n (0.6.0)
    json (1.5.4)
    net-scp (1.0.4)
      net-ssh (>= 1.99.1)
    net-ssh (2.1.4)
    rake (0.9.2)
    rspec (2.6.0)
      rspec-core (~> 2.6.0)
      rspec-expectations (~> 2.6.0)
      rspec-mocks (~> 2.6.0)
    rspec-core (2.6.4)
    rspec-expectations (2.6.0)
      diff-lcs (~> 1.1.2)
    rspec-mocks (2.6.0)
    term-ansicolor (1.0.6)
    thor (0.14.6)
    vagrant (0.8.7)
      archive-tar-minitar (= 0.5.2)
      erubis (~> 2.7.0)
      i18n (~> 0.6.0)
      json (~> 1.5.1)
      net-scp (~> 1.0.4)
      net-ssh (~> 2.1.4)
      thor (~> 0.14.6)
      virtualbox (~> 0.9.1)
    virtualbox (0.9.2)
      ffi (~> 1.0.9)

PLATFORMS
  ruby

DEPENDENCIES
  cucumber
  fpm
  rake
  rspec
  toft!
  vagrant (>= 0.8.7)
